GEM
  remote: https://rubygems.org/
  specs:
    daemons (1.2.4)
    dotenv (2.1.0)
    eventmachine (1.2.0.1)
    rack (1.6.13)
    rack-protection (1.5.3)
      rack
    sinatra (1.4.7)
      rack (~> 1.5)
      rack-protection (~> 1.4)
      tilt (>= 1.3, < 3)
    thin (1.7.0)
      daemons (~> 1.0, >= 1.0.9)
      eventmachine (~> 1.0, >= 1.0.4)
      rack (>= 1, < 3)
    tilt (2.0.5)

PLATFORMS
  ruby

DEPENDENCIES
  dotenv
  sinatra
  thin

RUBY VERSION
   ruby 2.1.3p242

BUNDLED WITH
   1.12.5
